PATH
  remote: .
  specs:
    doi2bibtex (0.1.0)
      thor (~> 0.19)

GEM
  remote: https://rubygems.org/
  specs:
    addressable (2.5.0)
      public_suffix (~> 2.0, >= 2.0.2)
    crack (0.4.3)
      safe_yaml (~> 1.0.0)
    hashdiff (0.3.2)
    minitest (5.10.1)
    minitest-rg (5.2.0)
      minitest (~> 5.0)
    public_suffix (2.0.5)
    rake (11.3.0)
    safe_yaml (1.0.4)
    thor (0.19.4)
    vcr (3.0.3)
    webmock (2.3.2)
      addressable (>= 2.3.6)
      crack (>= 0.3.2)
      hashdiff

PLATFORMS
  ruby

DEPENDENCIES
  doi2bibtex!
  minitest (~> 5.9)
  minitest-rg (~> 5.2)
  rake (~> 11.3)
  vcr (~> 3.0)
  webmock (~> 2.1)

RUBY VERSION
   ruby 2.3.1p112

BUNDLED WITH
   1.13.2
